GEM
  remote: https://rubygems.org/
  specs:
    addressable (2.7.0)
      public_suffix (>= 2.0.2, < 5.0)
    coderay (1.1.2)
    faraday (0.17.3)
      multipart-post (>= 1.2, < 3)
    faraday-http-cache (2.0.0)
      faraday (~> 0.8)
    method_source (0.9.2)
    multipart-post (2.1.1)
    netrc (0.11.0)
    octokit (4.15.0)
      faraday (>= 0.9)
      sawyer (~> 0.8.0, >= 0.5.3)
    parslet (1.8.2)
    pry (0.12.2)
      coderay (~> 1.1.0)
      method_source (~> 0.9.0)
    public_suffix (4.0.3)
    sawyer (0.8.2)
      addressable (>= 2.3.5)
      faraday (> 0.8, < 2.0)
    toml (0.2.0)
      parslet (~> 1.8.0)
    tty-cursor (0.7.0)
    tty-spinner (0.9.2)
      tty-cursor (~> 0.7)

PLATFORMS
  ruby

DEPENDENCIES
  faraday-http-cache
  netrc
  octokit
  pry
  toml (~> 0.1)
  tty-spinner

BUNDLED WITH
   1.17.3
